GEM
  specs:
    activesupport (3.0.0)
    builder (2.1.2)
    columnize (0.3.1)
    crack (0.1.8)
    diff-lcs (1.1.2)
    fakefs (0.2.1)
    linecache (0.43)
    rspec (2.0.0.beta.19)
      rspec-core (= 2.0.0.beta.19)
      rspec-expectations (= 2.0.0.beta.19)
      rspec-mocks (= 2.0.0.beta.19)
    rspec-core (2.0.0.beta.19)
    rspec-expectations (2.0.0.beta.19)
      diff-lcs (>= 1.1.2)
    rspec-mocks (2.0.0.beta.19)
    ruby-debug (0.10.3)
      columnize (>= 0.1)
      ruby-debug-base (~> 0.10.3.0)
    ruby-debug-base (0.10.3)
      linecache (>= 0.3)
    savon (0.7.9)
      builder (>= 2.1.2)
      crack (>= 0.1.4)

PLATFORMS
  ruby

DEPENDENCIES
  activesupport (~> 3.0.0)
  fakefs (~> 0.2.1)
  rspec (~> 2.0.0.beta.19)
  ruby-debug (~> 0.10.3)
  savon (~> 0.7.9)
